GEM
  remote: https://rubygems.org/
  specs:
    pg (0.17.1)
    rack (1.5.2)
    rack-protection (1.5.1)
      rack
    rails_12factor (0.0.2)
      rails_serve_static_assets
      rails_stdout_logging
    rails_serve_static_assets (0.0.2)
    rails_stdout_logging (0.0.3)
    sinatra (1.4.4)
      rack (~> 1.4)
      rack-protection (~> 1.4)
      tilt (~> 1.3, >= 1.3.4)
    tilt (1.4.1)

PLATFORMS
  ruby

DEPENDENCIES
  pg
  rails_12factor
  sinatra
